GEM
  remote: https://rubygems.org/
  specs:
    childprocess (0.5.9)
      ffi (~> 1.0, >= 1.0.11)
    ffi (1.9.10)
    multi_json (1.11.2)
    ruby-ole (1.2.12)
    rubyzip (1.1.7)
    selenium-webdriver (2.49.0)
      childprocess (~> 0.5)
      multi_json (~> 1.0)
      rubyzip (~> 1.0)
      websocket (~> 1.0)
    spreadsheet (1.1.1)
      ruby-ole (>= 1.0)
    watir-webdriver (0.9.1)
      selenium-webdriver (>= 2.46.2)
    websocket (1.2.2)

PLATFORMS
  ruby

DEPENDENCIES
  spreadsheet
  watir-webdriver

BUNDLED WITH
   1.10.6
